PATH
  remote: .
  specs:
    google-sheet-api (0.0.1)

GEM
  remote: https://rubygems.org/
  specs:
    coderay (1.1.3)
    method_source (1.0.0)
    pry (0.14.2)
      coderay (~> 1.1)
      method_source (~> 1.0)

PLATFORMS
  arm64-darwin-20

DEPENDENCIES
  google-sheet-api!
  pry (~> 0.14.2)

BUNDLED WITH
   2.3.16
